PATH
  remote: .
  specs:
    ruby_simple_search (0.0.3)
      activesupport (>= 3)

GEM
  remote: https://rubygems.org/
  specs:
    activemodel (4.1.8)
      activesupport (= 4.1.8)
      builder (~> 3.1)
    activerecord (4.1.8)
      activemodel (= 4.1.8)
      activesupport (= 4.1.8)
      arel (~> 5.0.0)
    activesupport (4.1.8)
      i18n (~> 0.6, >= 0.6.9)
      json (~> 1.7, >= 1.7.7)
      minitest (~> 5.1)
      thread_safe (~> 0.1)
      tzinfo (~> 1.1)
    arel (5.0.1.20140414130214)
    ast (2.4.0)
    builder (3.2.2)
    i18n (0.8.6)
    jaro_winkler (1.5.1)
    json (1.8.3)
    minitest (5.11.3)
    mysql2 (0.3.21)
    parallel (1.12.1)
    parser (2.5.1.2)
      ast (~> 2.4.0)
    pg (0.18.4)
    powerpack (0.1.2)
    rainbow (3.0.0)
    rake (12.3.1)
    rubocop (0.58.1)
      jaro_winkler (~> 1.5.1)
      parallel (~> 1.10)
      parser (>= 2.5, != 2.5.1.1)
      powerpack (~> 0.1)
      rainbow (>= 2.2.2, < 4.0)
      ruby-progressbar (~> 1.7)
      unicode-display_width (~> 1.0, >= 1.0.1)
    ruby-progressbar (1.9.0)
    sqlite3 (1.3.13)
    thread_safe (0.3.6)
    tzinfo (1.2.5)
      thread_safe (~> 0.1)
    unicode-display_width (1.4.0)

PLATFORMS
  ruby

DEPENDENCIES
  activerecord
  bundler (~> 1.3)
  minitest
  mysql2 (~> 0.3.20)
  pg
  rake
  rubocop
  ruby_simple_search!
  sqlite3

BUNDLED WITH
   1.13.1
